GEM
  remote: http://rubygems.org/
  remote: https://gems.gemfury.com/19mFQpkpgWC8xqPZVizB/
  specs:
    activemodel (3.2.9)
      activesupport (= 3.2.9)
      builder (~> 3.0.0)
    activesupport (3.2.9)
      i18n (~> 0.6)
      multi_json (~> 1.0)
    bson (1.8.0)
      activesupport
    bson (1.8.0-java)
      activesupport
    builder (3.0.4)
    diff-lcs (1.1.3)
    i18n (0.6.1)
    mongo (1.8.0)
      bson (~> 1.8.0)
    mongo_mapper (0.12.0)
      activemodel (~> 3.0)
      activesupport (~> 3.0)
      plucky (~> 0.5.2)
    multi_json (1.4.0)
    plucky (0.5.2)
      mongo (~> 1.5)
    rake (0.9.2.2)
    rcov (0.9.11)
    rcov (0.9.11-java)
    rspec (2.11.0)
      rspec-core (~> 2.11.0)
      rspec-expectations (~> 2.11.0)
      rspec-mocks (~> 2.11.0)
    rspec-core (2.11.1)
    rspec-expectations (2.11.3)
      diff-lcs (~> 1.1.3)
    rspec-mocks (2.11.3)
    statsd-ruby (1.0.0)

PLATFORMS
  java

DEPENDENCIES
  mongo
  mongo_mapper
  rake
  rcov
  rspec
  statsd-ruby
