PATH
  remote: .
  specs:
    maestro_metrics (0.0.3)
      mongo
      statsd
      statsd-ruby

GEM
  remote: http://rubygems.org/
  specs:
    activemodel (3.2.9)
      activesupport (= 3.2.9)
      builder (~> 3.0.0)
    activesupport (3.2.9)
      i18n (~> 0.6)
      multi_json (~> 1.0)
    bson (1.8.0-java)
      activesupport
    builder (3.0.4)
    diff-lcs (1.1.3)
    erubis (2.7.0)
    eventmachine (1.0.0-java)
    i18n (0.6.1)
    mongo (1.8.0)
      bson (~> 1.8.0)
    mongo_mapper (0.12.0)
      activemodel (~> 3.0)
      activesupport (~> 3.0)
      plucky (~> 0.5.2)
    multi_json (1.5.0)
    plucky (0.5.2)
      mongo (~> 1.5)
    rspec (2.12.0)
      rspec-core (~> 2.12.0)
      rspec-expectations (~> 2.12.0)
      rspec-mocks (~> 2.12.0)
    rspec-core (2.12.1)
    rspec-expectations (2.12.0)
      diff-lcs (~> 1.1.3)
    rspec-mocks (2.12.0)
    statsd (0.5.4)
      erubis (>= 2.6.6)
      eventmachine (>= 0.12.10)
      mongo (>= 1.2.4)
    statsd-ruby (1.1.0)

PLATFORMS
  java

DEPENDENCIES
  maestro_metrics!
  mongo_mapper
  rspec
